GEM
  remote: https://rubygems.org/
  specs:
    equatable (0.6.1)
    lolize (0.0.3)
      paint (~> 0.8.3)
    paint (0.8.7)
    pastel (0.7.3)
      equatable (~> 0.6)
      tty-color (~> 0.5)
    rubytest (0.8.1)
    strings (0.1.8)
      strings-ansi (~> 0.1)
      unicode-display_width (~> 1.5)
      unicode_utils (~> 1.4)
    strings-ansi (0.2.0)
    test (1.0.0)
      rubytest
    tty-box (0.5.0)
      pastel (~> 0.7.2)
      strings (~> 0.1.6)
      tty-cursor (~> 0.7)
    tty-color (0.5.1)
    tty-cursor (0.7.1)
    tty-font (0.5.0)
    unicode-display_width (1.7.0)
    unicode_utils (1.4.0)

PLATFORMS
  ruby

DEPENDENCIES
  lolize (~> 0.0.3)
  test (~> 1.0)
  tty-box (~> 0.5.0)
  tty-font (~> 0.5.0)

BUNDLED WITH
   2.1.4
